PATH
  remote: /Users/mattt/Code/Ruby/rack-push-notification
  specs:
    rack-push-notification (0.3.0)
      houston (~> 0.1.1)
      rack (~> 1.4)
      rack-contrib (~> 1.1)
      sequel (~> 3.37)
      sinatra (~> 1.3)
      sinatra-param (~> 0.1)

GEM
  remote: https://rubygems.org/
  specs:
    commander (4.1.3)
      highline (~> 1.6.11)
    daemons (1.1.9)
    eventmachine (1.0.3)
    highline (1.6.16)
    houston (0.1.1)
      commander (~> 4.1.2)
      json (~> 1.7.3)
    json (1.7.7)
    pg (0.14.1)
    rack (1.5.2)
    rack-contrib (1.1.0)
      rack (>= 0.9.1)
    rack-protection (1.5.0)
      rack
    sequel (3.45.0)
    sinatra (1.4.1)
      rack (~> 1.5, >= 1.5.2)
      rack-protection (~> 1.4)
      tilt (~> 1.3, >= 1.3.4)
    sinatra-param (0.1.2)
      sinatra (~> 1.3)
    thin (1.5.1)
      daemons (>= 1.0.9)
      eventmachine (>= 0.12.6)
      rack (>= 1.0.0)
    tilt (1.3.6)

PLATFORMS
  ruby

DEPENDENCIES
  pg
  rack-push-notification!
  sinatra
  thin
