PATH
  remote: .
  specs:
    rack-push-notification (0.4.0)
      rack (~> 1.4)
      rack-contrib (~> 1.1)
      sequel (~> 3.37)
      sinatra (~> 1.3)
      sinatra-param (~> 0.1)

GEM
  remote: https://rubygems.org/
  specs:
    rack (1.5.2)
    rack-contrib (1.1.0)
      rack (>= 0.9.1)
    rack-protection (1.5.0)
      rack
    rake (0.9.2.2)
    rspec (0.6.4)
    sequel (3.46.0)
    sinatra (1.4.2)
      rack (~> 1.5, >= 1.5.2)
      rack-protection (~> 1.4)
      tilt (~> 1.3, >= 1.3.4)
    sinatra-param (0.1.3)
      sinatra (~> 1.3)
    tilt (1.3.7)

PLATFORMS
  ruby

DEPENDENCIES
  rack-push-notification!
  rake
  rspec
